PATH
  remote: .
  specs:
    gemfile_updater (0.0.1)

GEM
  remote: https://rubygems.org/
  specs:
    rake (13.2.1)

PLATFORMS
  arm64-darwin-21
  ruby

DEPENDENCIES
  gemfile_updater!
  rake (~> 13.0)

BUNDLED WITH
   2.5.6
